GEM
  remote: https://rubygems.org/
  specs:
    byebug (11.1.3)

PLATFORMS
  ruby
  x86_64-darwin-22

DEPENDENCIES
  byebug

RUBY VERSION
   ruby 3.2.3p157

BUNDLED WITH
   2.5.6
